GEM
  remote: https://rubygems.org/
  specs:
    addressable (2.8.0)
      public_suffix (>= 2.0.2, < 5.0)
    appium_console (2.13.0)
      appium_lib (> 11.0)
      bond (~> 0.5)
      pry (~> 0.13.0)
      spec (~> 5.3, >= 5.3.1)
      thor (>= 0.19, < 2.0)
    appium_lib (11.2.0)
      appium_lib_core (~> 4.1)
      nokogiri (~> 1.8, >= 1.8.1)
      tomlrb (~> 1.1)
    appium_lib_core (4.7.1)
      faye-websocket (~> 0.11.0)
      selenium-webdriver (~> 3.14, >= 3.14.1)
    backports (3.21.0)
    bond (0.5.1)
    builder (3.2.4)
    childprocess (0.9.0)
      ffi (~> 1.0, >= 1.0.11)
    chronic_duration (0.10.6)
      numerizer (~> 0.1.1)
    chunky_png (1.3.6)
    coderay (1.1.3)
    concurrent-ruby (1.1.9)
    crass (1.0.6)
    css_parser (1.10.0)
      addressable
    cucumber (3.1.2)
      builder (>= 2.1.2)
      cucumber-core (~> 3.2.0)
      cucumber-expressions (~> 6.0.1)
      cucumber-wire (~> 0.0.1)
      diff-lcs (~> 1.3)
      gherkin (~> 5.1.0)
      multi_json (>= 1.7.5, < 2.0)
      multi_test (>= 0.1.2)
    cucumber-core (3.2.1)
      backports (>= 3.8.0)
      cucumber-tag_expressions (~> 1.1.0)
      gherkin (~> 5.0)
    cucumber-expressions (6.0.1)
    cucumber-tag_expressions (1.1.1)
    cucumber-wire (0.0.1)
    data_magic (1.2)
      faker (>= 1.1.2)
      yml_reader (>= 0.6)
    debase (0.2.4.1)
      debase-ruby_core_source (>= 0.10.2)
    debase-ruby_core_source (0.10.13)
    diff-lcs (1.4.4)
    domain_name (0.5.20190701)
      unf (>= 0.0.5, < 1.0.0)
    eventmachine (1.2.7)
    eyes_appium (3.17.10)
      appium_lib
      eyes_selenium (= 3.17.10)
    eyes_core (3.17.10)
      chunky_png (= 1.3.6)
      faraday
      faraday-cookie_jar
      faraday_middleware
      oily_png (~> 1.2)
      oj
    eyes_selenium (3.17.10)
      crass
      css_parser
      eyes_core (= 3.17.10)
      nokogiri
      selenium-webdriver
      state_machine
    faker (2.19.0)
      i18n (>= 1.6, < 2)
    faraday (1.8.0)
      faraday-em_http (~> 1.0)
      faraday-em_synchrony (~> 1.0)
      faraday-excon (~> 1.1)
      faraday-httpclient (~> 1.0.1)
      faraday-net_http (~> 1.0)
      faraday-net_http_persistent (~> 1.1)
      faraday-patron (~> 1.0)
      faraday-rack (~> 1.0)
      multipart-post (>= 1.2, < 3)
      ruby2_keywords (>= 0.0.4)
    faraday-cookie_jar (0.0.7)
      faraday (>= 0.8.0)
      http-cookie (~> 1.0.0)
    faraday-em_http (1.0.0)
    faraday-em_synchrony (1.0.0)
    faraday-excon (1.1.0)
    faraday-httpclient (1.0.1)
    faraday-net_http (1.0.1)
    faraday-net_http_persistent (1.2.0)
    faraday-patron (1.0.0)
    faraday-rack (1.0.0)
    faraday_middleware (1.2.0)
      faraday (~> 1.0)
    faye-websocket (0.11.1)
      eventmachine (>= 0.12.0)
      websocket-driver (>= 0.5.1)
    ffi (1.15.4)
    gherkin (5.1.0)
    http-accept (1.7.0)
    http-cookie (1.0.4)
      domain_name (~> 0.5)
    httparty (0.20.0)
      mime-types (~> 3.0)
      multi_xml (>= 0.5.2)
    i18n (1.8.11)
      concurrent-ruby (~> 1.0)
    json (2.6.1)
    method_source (1.0.0)
    mime-types (3.4.1)
      mime-types-data (~> 3.2015)
    mime-types-data (3.2021.1115)
    multi_json (1.15.0)
    multi_test (0.1.2)
    multi_xml (0.6.0)
    multipart-post (2.0.0)
    netrc (0.11.0)
    nokogiri (1.12.5-x86_64-darwin)
      racc (~> 1.4)
    numerizer (0.1.1)
    oily_png (1.2.0)
      chunky_png (~> 1.3.1)
    oj (3.13.9)
    page_navigation (0.10)
      data_magic (>= 0.22)
    parallel (1.21.0)
    parallel_tests (3.7.3)
      parallel
    pry (0.13.1)
      coderay (~> 1.1)
      method_source (~> 1.0)
    public_suffix (4.0.6)
    racc (1.6.0)
    rake (13.0.6)
    redcarpet (3.5.1)
    report_builder (1.9)
      json (>= 2.3.0)
    require_all (3.0.0)
    rest-client (2.1.0)
      http-accept (>= 1.7.0, < 2.0)
      http-cookie (>= 1.0.2, < 2.0)
      mime-types (>= 1.16, < 4.0)
      netrc (~> 0.8)
    rspec (3.10.0)
      rspec-core (~> 3.10.0)
      rspec-expectations (~> 3.10.0)
      rspec-mocks (~> 3.10.0)
    rspec-core (3.10.1)
      rspec-support (~> 3.10.0)
    rspec-expectations (3.10.1)
      diff-lcs (>= 1.2.0, < 2.0)
      rspec-support (~> 3.10.0)
    rspec-mocks (3.10.2)
      diff-lcs (>= 1.2.0, < 2.0)
      rspec-support (~> 3.10.0)
    rspec-support (3.10.3)
    ruby-ole (1.2.12.2)
    ruby2_keywords (0.0.5)
    rubyzip (1.3.0)
    sauce_whisk (0.2.2)
      json
      rest-client (~> 2.0)
    selenium-webdriver (3.141.0)
      childprocess (~> 0.5)
      rubyzip (~> 1.2, >= 1.2.2)
    slackr (0.0.6)
      multipart-post (~> 2.0.0)
    spec (5.3.4)
      chronic_duration (~> 0.10.2)
    spreadsheet (1.3.0)
      ruby-ole
    state_machine (1.2.0)
    test_object_test_result_watcher (1.1.3)
      httparty (~> 0.13)
    thor (1.1.0)
    tomlrb (1.3.0)
    unf (0.1.4)
      unf_ext
    unf_ext (0.0.8)
    websocket-driver (0.7.5)
      websocket-extensions (>= 0.1.0)
    websocket-extensions (0.1.5)
    yard (0.9.26)
    yard-cucumber (4.0.0)
      cucumber (>= 2.0, < 4.0)
      gherkin (>= 4.0, < 6.0)
      yard (~> 0.8, >= 0.8.1)
    yml_reader (0.7)

PLATFORMS
  x86_64-darwin-18
  x86_64-darwin-19

DEPENDENCIES
  appium_console
  appium_lib
  childprocess
  chunky_png
  cucumber (= 3.1.2)
  data_magic
  debase
  eyes_appium
  nokogiri
  page_navigation
  parallel_tests
  pry
  rake
  redcarpet
  report_builder (~> 1.8)
  require_all
  rspec
  sauce_whisk
  selenium-webdriver (= 3.141.0)
  slackr
  spreadsheet
  test_object_test_result_watcher
  yard-cucumber

BUNDLED WITH
   2.2.15
